GEM
  remote: https://rubygems.org/
  specs:
    act-fluent-logger-rails (0.3.1)
      activesupport (>= 4, < 5.1)
      fluent-logger
      railties (>= 4, < 5.1)
    actioncable (5.1.0.beta1)
      actionpack (= 5.1.0.beta1)
      nio4r (~> 2.0)
      websocket-driver (~> 0.6.1)
    actionmailer (5.1.0.beta1)
      actionpack (= 5.1.0.beta1)
      actionview (= 5.1.0.beta1)
      activejob (= 5.1.0.beta1)
      mail (~> 2.5, >= 2.5.4)
      rails-dom-testing (~> 2.0)
    actionpack (5.1.0.beta1)
      actionview (= 5.1.0.beta1)
      activesupport (= 5.1.0.beta1)
      rack (~> 2.0)
      rack-test (~> 0.6.3)
      rails-dom-testing (~> 2.0)
      rails-html-sanitizer (~> 1.0, >= 1.0.2)
    actionview (5.1.0.beta1)
      activesupport (= 5.1.0.beta1)
      builder (~> 3.1)
      erubi (~> 1.4)
      rails-dom-testing (~> 2.0)
      rails-html-sanitizer (~> 1.0, >= 1.0.3)
    activejob (5.1.0.beta1)
      activesupport (= 5.1.0.beta1)
      globalid (>= 0.3.6)
    activemodel (5.1.0.beta1)
      activesupport (= 5.1.0.beta1)
    activerecord (5.1.0.beta1)
      activemodel (= 5.1.0.beta1)
      activesupport (= 5.1.0.beta1)
      arel (~> 8.0)
    activesupport (5.1.0.beta1)
      concurrent-ruby (~> 1.0, >= 1.0.2)
      i18n (~> 0.7)
      minitest (~> 5.1)
      tzinfo (~> 1.1)
    addressable (2.5.0)
      public_suffix (~> 2.0, >= 2.0.2)
    airbrussh (1.1.2)
      sshkit (>= 1.6.1, != 1.7.0)
    arel (8.0.0)
    autoprefixer-rails (6.7.5)
      execjs
    bcrypt (3.1.11)
    bootstrap-sass (3.3.7)
      autoprefixer-rails (>= 5.2.1)
      sass (>= 3.3.4)
    builder (3.2.3)
    byebug (9.0.6)
    capistrano (3.7.2)
      airbrussh (>= 1.0.0)
      capistrano-harrow
      i18n
      rake (>= 10.0.0)
      sshkit (>= 1.9.0)
    capistrano-bundler (1.2.0)
      capistrano (~> 3.1)
      sshkit (~> 1.2)
    capistrano-harrow (0.5.3)
    capistrano-npm (1.0.2)
      capistrano (>= 3.0.0)
    capistrano-rails (1.2.2)
      capistrano (~> 3.1)
      capistrano-bundler (~> 1.1)
    capistrano-rbenv (2.1.0)
      capistrano (~> 3.1)
      sshkit (~> 1.3)
    capistrano3-unicorn (0.2.1)
      capistrano (~> 3.1, >= 3.1.0)
    capybara (2.12.1)
      addressable
      mime-types (>= 1.16)
      nokogiri (>= 1.3.3)
      rack (>= 1.0.0)
      rack-test (>= 0.5.4)
      xpath (~> 2.0)
    cliver (0.3.2)
    coderay (1.1.1)
    concurrent-ruby (1.0.4)
    connection_pool (2.2.1)
    database_rewinder (0.8.0)
    debug_inspector (0.0.2)
    diff-lcs (1.3)
    erubi (1.5.0)
    erubis (2.7.0)
    execjs (2.7.0)
    factory_girl (4.8.0)
      activesupport (>= 3.0.0)
    factory_girl_rails (4.8.0)
      factory_girl (~> 4.8.0)
      railties (>= 3.0.0)
    faraday (0.10.1)
      multipart-post (>= 1.2, < 3)
    ffi (1.9.17)
    fluent-logger (0.6.2)
      msgpack (>= 0.5.6, < 2)
    font-awesome-rails (4.7.0.1)
      railties (>= 3.2, < 5.1)
    formatador (0.2.5)
    globalid (0.3.7)
      activesupport (>= 4.1.0)
    google-analytics-rails (1.1.0)
    guard (2.14.1)
      formatador (>= 0.2.4)
      listen (>= 2.7, < 4.0)
      lumberjack (~> 1.0)
      nenv (~> 0.1)
      notiffany (~> 0.0)
      pry (>= 0.9.12)
      shellany (~> 0.0)
      thor (>= 0.18.1)
    guard-compat (1.2.1)
    guard-rspec (4.7.3)
      guard (~> 2.1)
      guard-compat (~> 1.1)
      rspec (>= 2.99.0, < 4.0)
    haml (4.0.7)
      tilt
    haml-rails (0.9.0)
      actionpack (>= 4.0.1)
      activesupport (>= 4.0.1)
      haml (>= 4.0.6, < 5.0)
      html2haml (>= 1.0.1)
      railties (>= 4.0.1)
    hashie (3.5.5)
    html2haml (2.1.0)
      erubis (~> 2.7.0)
      haml (~> 4.0)
      nokogiri (>= 1.6.0)
      ruby_parser (~> 3.5)
    i18n (0.8.1)
    jquery-rails (4.2.2)
      rails-dom-testing (>= 1, < 3)
      railties (>= 4.2.0)
      thor (>= 0.14, < 2.0)
    jwt (1.5.6)
    kgio (2.11.0)
    libv8 (5.3.332.38.3)
    listen (3.1.5)
      rb-fsevent (~> 0.9, >= 0.9.4)
      rb-inotify (~> 0.9, >= 0.9.7)
      ruby_dep (~> 1.2)
    lograge (0.4.1)
      actionpack (>= 4, < 5.1)
      activesupport (>= 4, < 5.1)
      railties (>= 4, < 5.1)
    loofah (2.0.3)
      nokogiri (>= 1.5.9)
    lumberjack (1.0.11)
    mail (2.6.4)
      mime-types (>= 1.16, < 4)
    method_source (0.8.2)
    mime-types (3.1)
      mime-types-data (~> 3.2015)
    mime-types-data (3.2016.0521)
    mini_portile2 (2.1.0)
    mini_racer (0.1.8)
      libv8 (~> 5.3)
    minitest (5.10.1)
    msgpack (1.0.3)
    multi_json (1.12.1)
    multi_xml (0.6.0)
    multipart-post (2.0.0)
    mysql2 (0.4.5)
    nenv (0.3.0)
    net-scp (1.2.1)
      net-ssh (>= 2.6.5)
    net-ssh (4.1.0)
    newrelic_rpm (3.18.1.330)
    nio4r (2.0.0)
    nokogiri (1.7.1)
      mini_portile2 (~> 2.1.0)
    notiffany (0.1.1)
      nenv (~> 0.1)
      shellany (~> 0.0)
    oauth (0.5.1)
    oauth2 (1.3.0)
      faraday (>= 0.8, < 0.11)
      jwt (~> 1.0)
      multi_json (~> 1.3)
      multi_xml (~> 0.5)
      rack (>= 1.2, < 3)
    omniauth (1.6.1)
      hashie (>= 3.4.6, < 3.6.0)
      rack (>= 1.6.2, < 3)
    omniauth-facebook (4.0.0)
      omniauth-oauth2 (~> 1.2)
    omniauth-oauth (1.1.0)
      oauth
      omniauth (~> 1.0)
    omniauth-oauth2 (1.4.0)
      oauth2 (~> 1.0)
      omniauth (~> 1.2)
    omniauth-twitter (1.4.0)
      omniauth-oauth (~> 1.1)
      rack
    poltergeist (1.13.0)
      capybara (~> 2.1)
      cliver (~> 0.3.1)
      websocket-driver (>= 0.2.0)
    pry (0.10.4)
      coderay (~> 1.1.0)
      method_source (~> 0.8.1)
      slop (~> 3.4)
    pry-rails (0.3.5)
      pry (>= 0.9.10)
    public_suffix (2.0.5)
    rack (2.0.1)
    rack-test (0.6.3)
      rack (>= 1.0)
    rails (5.1.0.beta1)
      actioncable (= 5.1.0.beta1)
      actionmailer (= 5.1.0.beta1)
      actionpack (= 5.1.0.beta1)
      actionview (= 5.1.0.beta1)
      activejob (= 5.1.0.beta1)
      activemodel (= 5.1.0.beta1)
      activerecord (= 5.1.0.beta1)
      activesupport (= 5.1.0.beta1)
      bundler (>= 1.3.0, < 2.0)
      railties (= 5.1.0.beta1)
      sprockets-rails (>= 2.0.0)
    rails-dom-testing (2.0.2)
      activesupport (>= 4.2.0, < 6.0)
      nokogiri (~> 1.6)
    rails-html-sanitizer (1.0.3)
      loofah (~> 2.0)
    railties (5.1.0.beta1)
      actionpack (= 5.1.0.beta1)
      activesupport (= 5.1.0.beta1)
      method_source
      rake (>= 0.8.7)
      thor (>= 0.18.1, < 2.0)
    rainbow (2.2.1)
    raindrops (0.17.0)
    rake (12.0.0)
    rb-fsevent (0.9.8)
    rb-inotify (0.9.8)
      ffi (>= 0.5.0)
    react_on_rails (6.6.0)
      addressable
      connection_pool
      execjs (~> 2.5)
      rails (>= 3.2)
      rainbow (~> 2.1)
    rspec (3.5.0)
      rspec-core (~> 3.5.0)
      rspec-expectations (~> 3.5.0)
      rspec-mocks (~> 3.5.0)
    rspec-core (3.5.4)
      rspec-support (~> 3.5.0)
    rspec-expectations (3.5.0)
      diff-lcs (>= 1.2.0, < 2.0)
      rspec-support (~> 3.5.0)
    rspec-mocks (3.5.0)
      diff-lcs (>= 1.2.0, < 2.0)
      rspec-support (~> 3.5.0)
    rspec-rails (3.5.2)
      actionpack (>= 3.0)
      activesupport (>= 3.0)
      railties (>= 3.0)
      rspec-core (~> 3.5.0)
      rspec-expectations (~> 3.5.0)
      rspec-mocks (~> 3.5.0)
      rspec-support (~> 3.5.0)
    rspec-support (3.5.0)
    ruby_dep (1.5.0)
    ruby_parser (3.8.4)
      sexp_processor (~> 4.1)
    sass (3.4.23)
    sass-rails (5.0.6)
      railties (>= 4.0.0, < 6)
      sass (~> 3.1)
      sprockets (>= 2.8, < 4.0)
      sprockets-rails (>= 2.0, < 4.0)
      tilt (>= 1.1, < 3)
    sexp_processor (4.8.0)
    shellany (0.0.1)
    simple_form (3.4.0)
      actionpack (> 4, < 5.1)
      activemodel (> 4, < 5.1)
    slop (3.6.0)
    spring (2.0.1)
      activesupport (>= 4.2)
    sprockets (3.7.1)
      concurrent-ruby (~> 1.0)
      rack (> 1, < 3)
    sprockets-rails (3.2.0)
      actionpack (>= 4.0)
      activesupport (>= 4.0)
      sprockets (>= 3.0.0)
    sshkit (1.12.0)
      net-scp (>= 1.1.2)
      net-ssh (>= 2.8.0)
    thor (0.19.4)
    thread_safe (0.3.6)
    tilt (2.0.6)
    timecop (0.8.1)
    tzinfo (1.2.2)
      thread_safe (~> 0.1)
    uglifier (3.0.4)
      execjs (>= 0.3.0, < 3)
    unicorn (5.2.0)
      kgio (~> 2.6)
      raindrops (~> 0.7)
    web-console (3.4.0)
      actionview (>= 5.0)
      activemodel (>= 5.0)
      debug_inspector
      railties (>= 5.0)
    websocket-driver (0.6.5)
      websocket-extensions (>= 0.1.0)
    websocket-extensions (0.1.2)
    xpath (2.0.0)
      nokogiri (~> 1.3)

PLATFORMS
  ruby

DEPENDENCIES
  act-fluent-logger-rails
  bcrypt
  bootstrap-sass
  byebug
  capistrano-bundler
  capistrano-npm
  capistrano-rails
  capistrano-rbenv
  capistrano3-unicorn
  capybara
  database_rewinder
  factory_girl_rails
  font-awesome-rails
  google-analytics-rails
  guard-rspec
  haml-rails
  jquery-rails
  lograge
  mini_racer
  mysql2
  newrelic_rpm
  omniauth
  omniauth-facebook
  omniauth-twitter
  poltergeist
  pry-rails
  rails (~> 5.1.0.beta1)
  react_on_rails
  rspec-rails
  sass-rails
  simple_form
  spring
  timecop
  uglifier
  unicorn
  web-console

BUNDLED WITH
   1.14.6
